GEM
  remote: http://rubygems.org/
  specs:
    blankslate (2.1.2.4)
    ffi (1.0.11)
    rubypython (0.5.3)
      blankslate (2.1.2.4)
      ffi (1.0.11)
    pygments.rb (0.2.4)
      rubypython (0.5.3)
    diff-lcs (1.1.3)
    github-markup (0.5.3)
    posix-spawn (0.3.6)
    gollum-bibanon (1.4.2)
      github-markup (>= 0.4.0, < 1.0.0)
      grit (~> 2.4.1)
      mustache-bibanon (0.99.5)
      nokogiri (~> 1.4)
      redcarpet
      pygments.rb (0.2.4)
      sanitize (~> 2.0.0)
      sinatra (~> 1.0)
      posix-spawn (0.3.6)
    grit (2.4.1)
      diff-lcs (~> 1.1)
      mime-types (~> 1.15)
    mime-types (1.17.2)
    mustache-bibanon (0.99.5)
    nokogiri (1.5.0)
    omnigollum-bibanon (>= 0.1.1)
    rack (1.3.5)
    rack-protection (1.1.4)
      rack
    redcarpet (1.17.2)
    sanitize (2.0.3)
      nokogiri (>= 1.4.4, < 1.6)
    sinatra (1.3.1)
      rack (~> 1.3, >= 1.3.4)
      rack-protection (~> 1.1, >= 1.1.2)
      tilt (~> 1.3, >= 1.3.3)
    tilt (1.3.3)

PLATFORMS
  ruby

DEPENDENCIES
  gollum-bibanon
